GEM
  remote: https://rubygems.org/
  specs:
    httparty (0.16.3)
      mime-types (~> 3.0)
      multi_xml (>= 0.5.2)
    mail (2.7.1)
      mini_mime (>= 0.1.1)
    mime-types (3.2.2)
      mime-types-data (~> 3.2015)
    mime-types-data (3.2018.0812)
    mini_mime (1.0.1)
    multi_xml (0.6.0)
    pony (1.12)
      mail (>= 2.0)

PLATFORMS
  ruby

DEPENDENCIES
  httparty
  pony

RUBY VERSION
   ruby 2.5.1p57

BUNDLED WITH
   1.16.6
